##TITLE= Parameter file, TopSpin 4.3.0
##JCAMPDX= 5.0
##DATATYPE= Parameter Values
##NPOINTS= 3	$$ modification sequence number
##ORIGIN= Bruker BioSpin GmbH
##OWNER= Sample Changer
$$ 2024-01-27 04:40:07.134 -0600  Sample Changer@AVANCENEO400
$$ D:/nmrdata/user/Davis/HS_240_liquid/11//specpar
$$ process C:\Bruker\TopSpin4.3.0\prog\mod\acqdataserver.exe
##$ANCIEN= (0..7)
0 0 0 0 0 0 0 0
##$BF1= 100.13
##$BF2= 100.13
##$BF3= 100.13
##$DEC= 1
##$DECB= 1
##$DEF19F= yes
##$DEFRSEL= yes
##$HPMOD= (0..32)
0 0 0 0 0 0 0 0 0 0 0 0 0 0 0 0 0 0 0 0 0 0 0 0 0 0 0 0 0 0 0 0 0
##$HPPRECH= (0..32)
-1 -1 -1 -1 -1 -1 -1 -1 -1 -1 -1 -1 -1 -1 -1 -1 -1 -1 -1 -1 -1 -1 -1 -1
-1 -1 -1 -1 -1 -1 -1 -1 -1
##$HPSELECT= yes
##$LOCSW19F= -1
##$LOCSW2H= -1
##$NUC1= 1
##$NUC2= 0
##$NUC3= 0
##$NUC4= 0
##$NUC5= 0
##$NUC6= 0
##$NUC7= 0
##$NUC8= 0
##$NUCARR= (0..123)
400.336 400.336 61.454013486 427.014286953 304.971865359 58.913790049 155.585770358
56.254466092 43.010730691 128.443698153 100.664567267 28.929548425 40.565694584
54.271377696 376.692199877 31.603708835 105.896478384 24.507108694 104.314987046
79.535501748 162.058983293 30.72979136 39.224556974 32.650303236 18.681171013
23.22756678 10.253825985 26.942728897 97.24860827 22.569078114 22.575095164
39.914736238 105.300169905 22.628976387 99.240163772 12.961990934 94.988018969
35.774229131 106.150983989 113.710208408 25.048234858 96.086060549 122.089284925
13.964980738 68.547987983 76.350132284 20.888419546 100.300101373 108.1168139
15.403327936 38.652212608 130.991756725 17.349849642 19.617256665 37.216427561
97.986919931 26.089600871 26.637136415 90.108931975 18.436077307 20.6628182
12.756494462 18.319775696 16.204876672 18.629767871 84.933204013 88.847269068
87.536488937 87.724142433 130.984930997 142.64876039 149.287824524 95.802714739
51.880410969 104.766898333 126.305083224 80.097169153 111.334186225 33.003383575
52.508638237 39.771207776 44.489051438 52.821532848 56.550026154 122.5828832
21.818312 13.4512896 16.6940112 13.7715584 99.5235296 43.9568928 12.2903152
16.1335408 96.2407744 13.7715584 19.2961952 85.4317024 11.5296768 33.1878544
70.056021668 19.30019856 45.65431744 32.55132016 16.04146352 10.07645712
47.998685056 16.67954706 90.174082656 91.082845376 9.136992632 31.087691744
6.87777248 7.49028656 86.059365194 6.92180944 71.703468362 26.468546919
228.684733952 230.929169696 83.752689213 64.331144808 7.371787104 14.5321968
100
##$NUCOFFS= (0..127)
<13C> <2H> <15N> <19F> <31P> <1H> <> <> <> <> <> <> <> <> <> <> <> <> <>
<> <> <> <> <> <> <> <> <> <> <> <> <> <> <> <> <> <> <> <> <> <> <> <>
<> <> <> <> <> <> <> <> <> <> <> <> <> <> <> <> <> <> <> <> <> <> <> <>
<> <> <> <> <> <> <> <> <> <> <> <> <> <> <> <> <> <> <> <> <> <> <> <>
<> <> <> <> <> <> <> <> <> <> <> <> <> <> <> <> <> <> <> <> <> <> <> <>
<> <> <> <> <> <> <> <> <> <> <> <> <>
##$OBS= 1
##$OFFS= (0..127)
0 0 0 0 0 0 0 0 0 0 0 0 0 0 0 0 0 0 0 0 0 0 0 0 0 0 0 0 0 0 0 0 0 0 0 0
0 0 0 0 0 0 0 0 0 0 0 0 0 0 0 0 0 0 0 0 0 0 0 0 0 0 0 0 0 0 0 0 0 0 0 0
0 0 0 0 0 0 0 0 0 0 0 0 0 0 0 0 0 0 0 0 0 0 0 0 0 0 0 0 0 0 0 0 0 0 0 0
0 0 0 0 0 0 0 0 0 0 0 0 0 0 0 0 0 0 0 0
##$OFFSF= (0..7)
0 0 0 0 0 0 0 0
##$OFFSH= (0..7)
0 0 0 0 0 0 0 0
##$OFFSX= (0..7)
0 0 0 0 0 0 0 0
##$OFFSXAS= (0..7)
0 0 0 0 0 0 0 0
##$OFSF1= 0
##$OFSF2= 0
##$OFSH1= 0
##$OFSH2= 0
##$OFSH3= 0
##$OFSX1= 0
##$OFSX2= 0
##$OFSY= 0
##$PACOIL= (0..32)
0 0 0 0 0 0 0 0 0 0 0 0 0 0 0 0 0 0 0 0 0 0 0 0 0 0 0 0 0 0 0 0 0
##$PRECHAN= (0..32)
-1 0 1 2 -1 -1 -1 -1 -1 -1 -1 -1 -1 -1 -1 -1 -1 -1 -1 -1 -1 -1 -1 -1 -1
-1 -1 -1 -1 -1 -1 -1 -1
##$RECPRE= (0..25)
-1 0 1 -1 -1 -1 -1 -1 -1 -1 -1 -1 -1 -1 -1 -1 -1 -1 -1 -1 -1 -1 -1 -1 -1
-1
##$RECPRFX= (0..32)
1 1 0 0 0 0 0 0 0 0 0 0 0 0 0 0 0 0 0 0 0 0 0 0 0 0 0 0 0 0 0 0 0
##$RECSEL= (0..24)
0 1 2 3 4 5 6 7 8 9 10 11 12 13 14 15 16 17 18 19 20 21 22 23 24
##$SELREC= (0..24)
0 0 0 0 0 0 0 0 0 0 0 0 0 0 0 0 0 0 0 0 0 0 0 0 0
##$SFO1= 400.338472
##$SFO2= 400.338472
##$SFO3= 400.338472
##$SFO4= 400.338472
##$SFO5= 400.338472
##$SFO6= 400.338472
##$SFO7= 400.338472
##$SFO8= 400.338472
##$TY= (0..123)
0 0 0 0 0 0 0 0 0 0 0 0 0 0 0 0 0 0 0 0 0 0 0 0 0 0 0 0 0 0 0 0 0 0 0 0
0 0 0 0 0 0 0 0 0 0 0 0 0 0 0 0 0 0 0 0 0 0 0 0 0 0 0 0 0 0 0 0 0 0 0 0
0 0 0 0 0 0 0 0 0 0 0 0 0 0 0 0 0 0 0 0 0 0 0 0 0 0 0 0 0 0 0 0 0 0 0 0
0 0 0 0 0 0 0 0 0 0 0 0 0 0 0 0
##END=
